GEM
  remote: https://rubygems.org/
  specs:
    addressable (2.8.1)
      public_suffix (>= 2.0.2, < 6.0)
    faraday (2.7.4)
      faraday-net_http (>= 2.0, < 3.1)
      ruby2_keywords (>= 0.0.4)
    faraday-net_http (3.0.2)
    faraday-retry (2.0.0)
      faraday (~> 2.0)
    finer_struct (0.1.0)
    git (1.13.2)
      addressable (~> 2.8)
      rchardet (~> 1.8)
    hocon (1.3.1)
    json (2.6.3)
    launchy (2.5.2)
      addressable (~> 2.8)
    octokit (6.0.1)
      faraday (>= 1, < 3)
      sawyer (~> 0.9)
    public_suffix (5.0.1)
    rchardet (1.8.0)
    ruby2_keywords (0.0.5)
    sawyer (0.9.2)
      addressable (>= 2.3.5)
      faraday (>= 0.17.3, < 3)
    uri (0.12.0)
    webrick (1.8.1)

PLATFORMS
  x86_64-linux

DEPENDENCIES
  faraday
  faraday-retry
  finer_struct
  git
  hocon
  json
  launchy
  octokit
  uri
  webrick

BUNDLED WITH
   2.4.5
